GEM
  remote: https://rubygems.org/
  specs:
    mustache (0.99.5)

PLATFORMS
  ruby

DEPENDENCIES
  mustache
